GEM
  remote: https://rubygems.org/
  specs:
    backports (3.3.3)
    chunky_png (1.2.8)
    compass (0.12.2)
      chunky_png (~> 1.2)
      fssm (>= 0.2.7)
      sass (~> 3.1)
    compass-normalize (1.4.3)
      compass (>= 0.12.0)
    daemons (1.1.9)
    eventmachine (1.0.3)
    execjs (2.0.1)
    fssm (0.2.10)
    haml (4.0.3)
      tilt
    hike (1.2.3)
    json (1.7.7)
    libv8 (3.16.14.3)
    maruku (0.6.1)
      syntax (>= 1.0.0)
    multi_json (1.8.0)
    rack (1.5.2)
    rack-protection (1.5.0)
      rack
    rack-test (0.6.2)
      rack (>= 1.0)
    ref (1.0.5)
    sass (3.2.10)
    sinatra (1.4.3)
      rack (~> 1.4)
      rack-protection (~> 1.4)
      tilt (~> 1.3, >= 1.3.4)
    sinatra-contrib (1.4.1)
      backports (>= 2.0)
      multi_json
      rack-protection
      rack-test
      sinatra (~> 1.4.0)
      tilt (~> 1.3)
    sprockets (2.10.0)
      hike (~> 1.2)
      multi_json (~> 1.0)
      rack (~> 1.0)
      tilt (~> 1.1, != 1.3.0)
    sprockets-helpers (1.0.1)
      sprockets (~> 2.0)
    sprockets-sass (1.0.1)
      sprockets (~> 2.0)
      tilt (~> 1.1)
    susy (1.0.9)
      compass (>= 0.12.2)
      sass (>= 3.2.0)
    syntax (1.0.0)
    therubyracer (0.12.0)
      libv8 (~> 3.16.14.0)
      ref
    thin (1.5.1)
      daemons (>= 1.0.9)
      eventmachine (>= 0.12.6)
      rack (>= 1.0.0)
    tilt (1.4.1)
    uglifier (2.2.1)
      execjs (>= 0.3.0)
      multi_json (~> 1.0, >= 1.0.2)

PLATFORMS
  ruby

DEPENDENCIES
  compass (= 0.12.2)
  compass-normalize (= 1.4.3)
  execjs (= 2.0.1)
  haml (= 4.0.3)
  json (= 1.7.7)
  maruku (= 0.6.1)
  rack (= 1.5.2)
  sinatra (= 1.4.3)
  sinatra-contrib (= 1.4.1)
  sprockets (= 2.10.0)
  sprockets-helpers (= 1.0.1)
  sprockets-sass (= 1.0.1)
  susy (= 1.0.9)
  therubyracer (= 0.12.0)
  thin (= 1.5.1)
  uglifier (= 2.2.1)
